GEM
  remote: https://rubygems.org/
  specs:
    coderay (1.1.1)
    coffee-script (2.4.1)
      coffee-script-source
      execjs
    coffee-script-source (1.12.2)
    execjs (2.7.0)
    fssm (0.2.10)
    method_source (0.8.2)
    pry (0.10.4)
      coderay (~> 1.1.0)
      method_source (~> 0.8.1)
      slop (~> 3.4)
    sass (3.4.24)
    sass-globbing (1.1.5)
      sass (>= 3.1)
    slim (3.0.8)
      temple (>= 0.7.6, < 0.9)
      tilt (>= 1.3.3, < 2.1)
    slop (3.6.0)
    temple (0.8.0)
    tilt (2.0.8)

PLATFORMS
  ruby

DEPENDENCIES
  coffee-script
  fssm
  pry
  sass
  sass-globbing
  slim

BUNDLED WITH
   1.13.6
